GEM
  remote: https://rubygems.org/
  specs:
    activemodel (3.2.14)
      activesupport (= 3.2.14)
      builder (~> 3.0.0)
    activesupport (3.2.14)
      i18n (~> 0.6, >= 0.6.4)
      multi_json (~> 1.0)
    builder (3.0.4)
    coderay (1.0.9)
    columnize (0.3.6)
    debugger (1.6.1)
      columnize (>= 0.3.1)
      debugger-linecache (~> 1.2.0)
      debugger-ruby_core_source (~> 1.2.3)
    debugger-linecache (1.2.0)
    debugger-ruby_core_source (1.2.3)
    diff-lcs (1.2.4)
    factory_girl (4.2.0)
      activesupport (>= 3.0.0)
    fontana_client_support (0.8.4)
    httpclient (2.3.4.1)
    i18n (0.6.5)
    json (1.8.0)
    libgss (0.9.0)
      httpclient
      json
      oauth
      tengine_support
      uuid
    macaddr (1.6.1)
      systemu (~> 2.5.0)
    method_source (0.8.2)
    mongoid (3.1.5)
      activemodel (~> 3.2)
      moped (~> 1.4)
      origin (~> 1.0)
      tzinfo (~> 0.3.29)
    moped (1.5.1)
    multi_json (1.8.2)
    oauth (0.4.7)
    origin (1.1.0)
    pry (0.9.12.2)
      coderay (~> 1.0.5)
      method_source (~> 0.8)
      slop (~> 3.4)
    pry-debugger (0.2.2)
      debugger (~> 1.3)
      pry (~> 0.9.10)
    rake (10.1.0)
    rspec (2.14.1)
      rspec-core (~> 2.14.0)
      rspec-expectations (~> 2.14.0)
      rspec-mocks (~> 2.14.0)
    rspec-core (2.14.3)
    rspec-expectations (2.14.0)
      diff-lcs (>= 1.1.3, < 2.0)
    rspec-mocks (2.14.1)
    slop (3.4.6)
    systemu (2.5.2)
    tengine_support (1.2.2)
      activesupport (>= 3.0.0, < 4.0.0)
    tzinfo (0.3.37)
    uuid (2.3.7)
      macaddr (~> 1.0)

PLATFORMS
  ruby

DEPENDENCIES
  activesupport (~> 3.2.0)
  factory_girl
  fontana_client_support (~> 0.8.4)
  libgss (~> 0.9.0)
  mongoid (~> 3.1.4)
  pry
  pry-debugger
  rake
  rspec
  tengine_support (~> 1.2.0)
